GEM
  remote: http://gemcutter.org/
  specs:
    BadMinus-devise (1.2.0)
      bcrypt-ruby (~> 2.1.2)
      warden (~> 0.10.7)
    abstract (1.0.0)
    actionmailer (3.0.0.rc)
      actionpack (= 3.0.0.rc)
      mail (~> 2.2.5)
    actionpack (3.0.0.rc)
      activemodel (= 3.0.0.rc)
      activesupport (= 3.0.0.rc)
      builder (~> 2.1.2)
      erubis (~> 2.6.6)
      i18n (~> 0.4.1)
      rack (~> 1.2.1)
      rack-mount (~> 0.6.9)
      rack-test (~> 0.5.4)
      tzinfo (~> 0.3.22)
    activemodel (3.0.0.rc)
      activesupport (= 3.0.0.rc)
      builder (~> 2.1.2)
      i18n (~> 0.4.1)
    activerecord (3.0.0.rc)
      activemodel (= 3.0.0.rc)
      activesupport (= 3.0.0.rc)
      arel (~> 0.4.0)
      tzinfo (~> 0.3.22)
    activeresource (3.0.0.rc)
      activemodel (= 3.0.0.rc)
      activesupport (= 3.0.0.rc)
    activesupport (3.0.0.rc)
    addressable (2.1.2)
    arel (0.4.0)
      activesupport (>= 3.0.0.beta)
    bcrypt-ruby (2.1.2)
    bson (1.0.4)
    bson_ext (1.0.4)
    builder (2.1.2)
    columnize (0.3.1)
    compass (0.10.2)
      haml (>= 3.0.4)
    compass-colors (0.3.1)
      compass (>= 0.8.7)
    differ (0.1.1)
    erubis (2.6.6)
      abstract (>= 1.0.0)
    exception_notification (1.0.0)
    fancy-buttons (0.5.1)
      compass (>= 0.10.0.rc3)
      haml (>= 3.0.0.beta.3)
    faraday (0.4.6)
      addressable (>= 2.1.1)
      rack (>= 1.0.1)
    geoip (0.8.6)
    goalie (0.0.0)
    haml (3.0.14)
    i18n (0.4.1)
    jnunemaker-validatable (1.8.4)
      activesupport (>= 2.3.4)
    json (1.2.4)
    linecache (0.43)
    magent (0.4)
      mongo (>= 0.1.0)
      uuidtools (>= 2.0.0)
    mail (2.2.5)
      activesupport (>= 2.3.6)
      mime-types
      treetop (>= 1.4.5)
    mime-types (1.16)
    mongo (1.0.6)
      bson (>= 1.0.4)
    mongo_mapper (0.8.2)
      activesupport (>= 2.3.4)
      jnunemaker-validatable (~> 1.8.4)
      plucky (~> 0.3.1)
    mongomapper_ext (0.4.0)
      mongo_mapper (~> 0.8)
      uuidtools (>= 2.0.0)
    nokogiri (1.4.2)
    oauth (0.4.1)
    oauth2 (0.0.8)
      faraday (~> 0.4.1)
    plucky (0.3.2)
      mongo (~> 1.0.1)
    polyglot (0.3.1)
    rack (1.2.1)
    rack-mount (0.6.9)
      rack (>= 1.0.0)
    rack-test (0.5.4)
      rack (>= 1.0)
    rails (3.0.0.rc)
      actionmailer (= 3.0.0.rc)
      actionpack (= 3.0.0.rc)
      activerecord (= 3.0.0.rc)
      activeresource (= 3.0.0.rc)
      activesupport (= 3.0.0.rc)
      bundler (>= 1.0.0.rc.1)
      railties (= 3.0.0.rc)
    railties (3.0.0.rc)
      actionpack (= 3.0.0.rc)
      activesupport (= 3.0.0.rc)
      rake (>= 0.8.3)
      thor (~> 0.14.0)
    rake (0.8.7)
    rdiscount (1.6.3.1)
    ruby-debug (0.10.3)
      columnize (>= 0.1)
      ruby-debug-base (~> 0.10.3.0)
    ruby-debug-base (0.10.3)
      linecache (>= 0.3)
    ruby-openid (2.1.8)
    ruby-stemmer (0.8.2)
    sanitize (1.2.1)
      nokogiri (~> 1.4.1)
    thor (0.14.0)
    treetop (1.4.8)
      polyglot (>= 0.3.1)
    twitter-text (1.1.1)
      actionpack
    twitter_oauth (0.3.6)
      json (>= 1.1.9, <= 1.2.4)
      mime-types (>= 1.16)
      oauth (>= 0.3.6)
    tzinfo (0.3.22)
    uuidtools (2.1.1)
    warden (0.10.7)
      rack (>= 1.0.0)
    whatlanguage (1.0.0)

PLATFORMS
  ruby

DEPENDENCIES
  BadMinus-devise (~> 1.2.0)
  bson_ext (~> 1.0.1)
  compass (~> 0.10.2)
  compass-colors (~> 0.3.1)
  differ (= 0.1.1)
  exception_notification (= 1.0.0)
  fancy-buttons (= 0.5.1)
  geoip
  goalie
  haml (~> 3.0.13)
  jnunemaker-validatable (= 1.8.4)
  magent (= 0.4)
  mongo (~> 1.0.3)
  mongo_mapper (= 0.8.2)
  mongomapper_ext (= 0.4.0)
  oauth2 (= 0.0.8)
  rails (= 3.0.0.rc)
  rdiscount (= 1.6.3.1)
  ruby-debug
  ruby-openid
  ruby-stemmer (>= 0.5.3)
  sanitize (= 1.2.1)
  twitter-text (= 1.1.1)
  twitter_oauth (= 0.3.6)
  uuidtools (= 2.1.1)
  warden (= 0.10.7)
  whatlanguage (= 1.0.0)
